NUGET
  remote: https://www.nuget.org/api/v2
  specs:
    Akka (1.0.6)
      Newtonsoft.Json (>= 7.0.1)
    Akka.FSharp (1.0.6)
      Akka (>= 1.0.6)
      FsPickler (>= 1.2.21)
      FSPowerPack.Core.Community (>= 3.0.0)
      FSPowerPack.Linq.Community (>= 3.0.0)
    Akka.Logger.Serilog (1.0.6)
      Akka (>= 1.0.6)
      Serilog (>= 1.3.43)
    FAKE (4.22.8)
    FsPickler (2.0.0)
    FSPowerPack.Core.Community (3.0.0)
    FSPowerPack.Linq.Community (3.0.0)
      FSPowerPack.Core.Community
    Newtonsoft.Json (8.0.3)
    Serilog (1.5.14)
    SourceLink.Fake (1.1.0)
    Topshelf (3.3.1)
GITHUB
  remote: haf/Topshelf.FSharp
  specs:
    src/Topshelf.FSharp/FSharpApi.fs (83c7bf610ee4de935c1f5447ec9c48c87550763f)